PATH
  remote: .
  specs:
    nanoc-deploy (0.0.1)
      fog (>= 0.7.2)
      nanoc (>= 3.1.6)

GEM
  remote: http://rubygems.org/
  specs:
    builder (3.0.0)
    cri (1.0.1)
    excon (0.6.2)
    fog (0.7.2)
      builder
      excon (>= 0.6.1)
      formatador (>= 0.1.3)
      json
      mime-types
      net-ssh (>= 2.1.3)
      nokogiri (>= 1.4.4)
      ruby-hmac
    formatador (0.1.3)
    json (1.5.1)
    mime-types (1.16)
    nanoc (3.1.6)
      nanoc3 (>= 3.1.6)
    nanoc3 (3.1.6)
      cri (>= 1.0.0)
    net-ssh (2.1.4)
    nokogiri (1.4.4)
    ruby-hmac (0.4.0)

PLATFORMS
  ruby

DEPENDENCIES
  nanoc-deploy!
